PATH
  remote: .
  specs:
    structured_log (0.1.0)

GEM
  remote: https://rubygems.org/
  specs:
    diff-lcs (1.3)
    markdown_helper (2.0.0)
    minitest (5.11.3)
    rake (10.5.0)

PLATFORMS
  x64-mingw32
  x86-mingw32

DEPENDENCIES
  bundler (~> 1.16.2)
  diff-lcs (~> 1.3)
  markdown_helper (~> 2.0.0)
  minitest (~> 5.0)
  rake (~> 10.0)
  structured_log!

BUNDLED WITH
   1.16.2
