PATH
  remote: .
  specs:
    structured_log (0.1.0)

GEM
  remote: https://rubygems.org/
  specs:
    diff-lcs (1.3)
    markdown_helper (0.1.5)
    mini_portile2 (2.0.0)
    minitest (5.11.3)
    nokogiri (1.6.7.2-x86-mingw32)
      mini_portile2 (~> 2.0.0.rc2)
    rake (10.5.0)

PLATFORMS
  x86-mingw32

DEPENDENCIES
  bundler (~> 1.16)
  diff-lcs (~> 1.3)
  markdown_helper (~> 0.1.5)
  minitest (~> 5.0)
  nokogiri (~> 1.6.7.2)
  rake (~> 10.0)
  structured_log!

BUNDLED WITH
   1.16.1
